GEM
  remote: https://rubygems.org/
  specs:
    addressable (2.4.0)
    builder (3.2.4)
    connection_pool (2.4.1)
    descendants_tracker (0.0.4)
      thread_safe (~> 0.3, >= 0.3.1)
    faraday (0.9.2)
      multipart-post (>= 1.2, < 3)
    git (1.11.0)
      rchardet (~> 1.8)
    github_api (0.16.0)
      addressable (~> 2.4.0)
      descendants_tracker (~> 0.0.4)
      faraday (~> 0.8, < 0.10)
      hashie (>= 3.4)
      mime-types (>= 1.16, < 3.0)
      oauth2 (~> 1.0)
    hashie (5.0.0)
    highline (2.1.0)
    jeweler (2.3.9)
      builder
      bundler
      git (>= 1.2.5)
      github_api (~> 0.16.0)
      highline (>= 1.6.15)
      nokogiri (>= 1.5.10)
      psych
      rake
      rdoc
      semver2
    jwt (2.7.1)
    metaclass (0.0.2)
    mime-types (2.99.3)
    mini_portile2 (2.8.5)
    minitest (5.5.1)
    mocha (0.14.0)
      metaclass (~> 0.0.1)
    mono_logger (1.1.2)
    multi_json (1.3.6)
    multi_xml (0.6.0)
    multipart-post (2.3.0)
    nokogiri (1.15.5)
      mini_portile2 (~> 2.8.2)
      racc (~> 1.4)
    oauth2 (1.4.8)
      faraday (>= 0.8, < 3.0)
      jwt (>= 1.0, < 3.0)
      multi_json (~> 1.3)
      multi_xml (~> 0.5)
      rack (>= 1.2, < 3)
    psych (5.1.2)
      stringio
    racc (1.7.3)
    rack (1.4.1)
    rack-protection (1.5.5)
      rack
    rake (13.1.0)
    rchardet (1.8.0)
    rdoc (6.6.2)
      psych (>= 4.0.0)
    redis (5.0.8)
      redis-client (>= 0.17.0)
    redis-client (0.19.0)
      connection_pool
    redis-namespace (1.11.0)
      redis (>= 4)
    resque (2.6.0)
      mono_logger (~> 1.0)
      multi_json (~> 1.0)
      redis-namespace (~> 1.6)
      sinatra (>= 0.9.2)
    semver2 (3.4.2)
    sinatra (1.4.6)
      rack (~> 1.4)
      rack-protection (~> 1.4)
      tilt (>= 1.3, < 3)
    stringio (3.1.0)
    thread_safe (0.3.6)
    tilt (2.3.0)

PLATFORMS
  ruby

DEPENDENCIES
  jeweler (~> 2.3, >= 2.3.9)
  minitest (~> 5.5)
  mocha (~> 0.9)
  resque (~> 2.6)

BUNDLED WITH
   2.4.19
